GEM
  remote: https://rubygems.org/
  specs:
    nio4r (2.5.2)
    puma (4.3.5)
      nio4r (~> 2.0)
    rack (2.1.1)
    revision_plate (0.1.2)
      rack

PLATFORMS
  ruby

DEPENDENCIES
  puma
  revision_plate

BUNDLED WITH
   2.1.4
